PATH
  remote: .
  specs:
    file-manager (0.2.0)
      aws-sdk (= 2.2.13)

GEM
  remote: https://rubygems.org/
  specs:
    addressable (2.4.0)
    aws-sdk (2.2.13)
      aws-sdk-resources (= 2.2.13)
    aws-sdk-core (2.2.13)
      jmespath (~> 1.0)
    aws-sdk-resources (2.2.13)
      aws-sdk-core (= 2.2.13)
    codeclimate-test-reporter (0.4.8)
      simplecov (>= 0.7.1, < 1.0.0)
    crack (0.4.3)
      safe_yaml (~> 1.0.0)
    docile (1.1.5)
    hashdiff (0.2.3)
    jmespath (1.1.3)
    json (1.8.3)
    json (1.8.3-java)
    minitest (5.8.4)
    rake (10.5.0)
    safe_yaml (1.0.4)
    simplecov (0.11.1)
      docile (~> 1.1.0)
      json (~> 1.8)
      simplecov-html (~> 0.10.0)
    simplecov-html (0.10.0)
    vcr (3.0.1)
    webmock (1.22.6)
      addressable (>= 2.3.6)
      crack (>= 0.3.2)
      hashdiff

PLATFORMS
  java
  ruby

DEPENDENCIES
  bundler (~> 1.3)
  codeclimate-test-reporter
  file-manager!
  minitest
  rake
  vcr
  webmock

BUNDLED WITH
   1.15.4
