PATH
  remote: .
  specs:
    file-manager (0.7.1)
      aws-sdk-s3 (~> 1)

GEM
  remote: https://rubygems.org/
  specs:
    addressable (2.8.7)
      public_suffix (>= 2.0.2, < 7.0)
    aws-eventstream (1.3.0)
    aws-partitions (1.963.0)
    aws-sdk-core (3.201.4)
      aws-eventstream (~> 1, >= 1.3.0)
      aws-partitions (~> 1, >= 1.651.0)
      aws-sigv4 (~> 1.8)
      jmespath (~> 1, >= 1.6.1)
    aws-sdk-kms (1.88.0)
      aws-sdk-core (~> 3, >= 3.201.0)
      aws-sigv4 (~> 1.5)
    aws-sdk-s3 (1.157.0)
      aws-sdk-core (~> 3, >= 3.201.0)
      aws-sdk-kms (~> 1)
      aws-sigv4 (~> 1.5)
    aws-sigv4 (1.9.1)
      aws-eventstream (~> 1, >= 1.0.2)
    bigdecimal (3.1.8)
    bigdecimal (3.1.8-java)
    crack (1.0.0)
      bigdecimal
      rexml
    hashdiff (1.1.1)
    jmespath (1.6.2)
    minitest (5.24.1)
    public_suffix (5.1.1)
    rake (13.2.1)
    rexml (3.3.5)
      strscan
    single_cov (1.11.0)
    strscan (3.1.0)
    strscan (3.1.0-java)
    vcr (6.2.0)
    webmock (3.23.1)
      addressable (>= 2.8.0)
      crack (>= 0.3.2)
      hashdiff (>= 0.4.0, < 2.0.0)

PLATFORMS
  java
  ruby

DEPENDENCIES
  bundler (>= 1.16.2)
  file-manager!
  minitest
  rake
  single_cov
  vcr
  webmock

BUNDLED WITH
   2.4.10
