PATH
  remote: .
  specs:
    file-manager (0.7.1)
      aws-sdk-s3 (~> 1)

GEM
  remote: https://rubygems.org/
  specs:
    addressable (2.8.7)
      public_suffix (>= 2.0.2, < 7.0)
    aws-eventstream (1.3.0)
    aws-partitions (1.1001.0)
    aws-sdk-core (3.211.0)
      aws-eventstream (~> 1, >= 1.3.0)
      aws-partitions (~> 1, >= 1.992.0)
      aws-sigv4 (~> 1.9)
      jmespath (~> 1, >= 1.6.1)
    aws-sdk-kms (1.95.0)
      aws-sdk-core (~> 3, >= 3.210.0)
      aws-sigv4 (~> 1.5)
    aws-sdk-s3 (1.169.0)
      aws-sdk-core (~> 3, >= 3.210.0)
      aws-sdk-kms (~> 1)
      aws-sigv4 (~> 1.5)
    aws-sigv4 (1.10.1)
      aws-eventstream (~> 1, >= 1.0.2)
    base64 (0.2.0)
    bigdecimal (3.1.8)
    bigdecimal (3.1.8-java)
    crack (1.0.0)
      bigdecimal
      rexml
    hashdiff (1.1.1)
    jmespath (1.6.2)
    minitest (5.25.1)
    public_suffix (5.1.1)
    rake (13.2.1)
    rexml (3.3.9)
    single_cov (1.11.0)
    vcr (6.3.1)
      base64
    webmock (3.24.0)
      addressable (>= 2.8.0)
      crack (>= 0.3.2)
      hashdiff (>= 0.4.0, < 2.0.0)

PLATFORMS
  java
  ruby

DEPENDENCIES
  bundler (>= 1.16.2)
  file-manager!
  minitest
  rake
  single_cov
  vcr
  webmock

BUNDLED WITH
   2.4.10
