PATH
  remote: .
  specs:
    file-manager (0.7.1)
      aws-sdk-s3 (~> 1)

GEM
  remote: https://rubygems.org/
  specs:
    addressable (2.8.4)
      public_suffix (>= 2.0.2, < 6.0)
    aws-eventstream (1.2.0)
    aws-partitions (1.794.0)
    aws-sdk-core (3.180.0)
      aws-eventstream (~> 1, >= 1.0.2)
      aws-partitions (~> 1, >= 1.651.0)
      aws-sigv4 (~> 1.5)
      jmespath (~> 1, >= 1.6.1)
    aws-sdk-kms (1.71.0)
      aws-sdk-core (~> 3, >= 3.177.0)
      aws-sigv4 (~> 1.1)
    aws-sdk-s3 (1.132.0)
      aws-sdk-core (~> 3, >= 3.179.0)
      aws-sdk-kms (~> 1)
      aws-sigv4 (~> 1.6)
    aws-sigv4 (1.6.0)
      aws-eventstream (~> 1, >= 1.0.2)
    crack (0.4.5)
      rexml
    hashdiff (1.0.1)
    jmespath (1.6.2)
    minitest (5.19.0)
    public_suffix (5.0.3)
    rake (13.0.6)
    rexml (3.2.6)
    single_cov (1.11.0)
    vcr (6.2.0)
    webmock (3.18.1)
      addressable (>= 2.8.0)
      crack (>= 0.3.2)
      hashdiff (>= 0.4.0, < 2.0.0)

PLATFORMS
  java
  ruby

DEPENDENCIES
  bundler (>= 1.16.2)
  file-manager!
  minitest
  rake
  single_cov
  vcr
  webmock

BUNDLED WITH
   2.0.1
